PATH
  remote: .
  specs:
    arid_cache (1.0.2)
      will_paginate

GEM
  remote: http://rubygems.org/
  specs:
    actionmailer (2.3.8)
      actionpack (= 2.3.8)
    actionpack (2.3.8)
      activesupport (= 2.3.8)
      rack (~> 1.1.0)
    activerecord (2.3.8)
      activesupport (= 2.3.8)
    activeresource (2.3.8)
      activesupport (= 2.3.8)
    activesupport (2.3.8)
    columnize (0.3.1)
    faker (0.3.1)
    gemcutter (0.6.1)
    git (1.2.5)
    hoe (2.6.2)
      rake (>= 0.8.7)
      rubyforge (>= 2.0.4)
    jeweler (1.4.0)
      gemcutter (>= 0.1.0)
      git (>= 1.2.5)
      rubyforge (>= 2.0.0)
    json_pure (1.4.6)
    linecache (0.43)
    machinist (1.0.6)
    mocha (0.9.8)
      rake
    rack (1.1.0)
    rails (2.3.8)
      actionmailer (= 2.3.8)
      actionpack (= 2.3.8)
      activerecord (= 2.3.8)
      activeresource (= 2.3.8)
      activesupport (= 2.3.8)
      rake (>= 0.8.3)
    rake (0.8.7)
    rspec (1.2.9)
    rspec-rails (1.2.9)
      rack (>= 1.0.0)
      rspec (>= 1.2.9)
    ruby-debug (0.10.3)
      columnize (>= 0.1)
      ruby-debug-base (~> 0.10.3.0)
    ruby-debug-base (0.10.3)
      linecache (>= 0.3)
    rubyforge (2.0.4)
      json_pure (>= 1.1.7)
    sqlite3-ruby (1.3.1)
    test-unit (1.2.3)
      hoe (>= 1.5.1)
    will_paginate (2.3.15)

PLATFORMS
  ruby

DEPENDENCIES
  arid_cache!
  bundler (>= 1.0.0)
  faker (= 0.3.1)
  jeweler (= 1.4.0)
  machinist (= 1.0.6)
  mocha (= 0.9.8)
  rails (= 2.3.8)
  rspec (= 1.2.9)
  rspec-rails (= 1.2.9)
  ruby-debug (= 0.10.3)
  ruby-debug-base (= 0.10.3)
  sqlite3-ruby (= 1.3.1)
  test-unit (= 1.2.3)
  will_paginate (= 2.3.15)
